GEM
  remote: https://rubygems.org/
  specs:
    hologram (1.4.0)
      redcarpet (>= 2.2, < 4.0)
      rouge (>= 1.5)
    redcarpet (3.3.4)
    rouge (2.0.5)
    sass (3.4.22)

PLATFORMS
  ruby

DEPENDENCIES
  hologram
  sass

BUNDLED WITH
   1.11.2
